GEM
  remote: https://rubygems.org/
  specs:
    blankslate (2.1.2.4)
    instrumental_agent (1.0.1)
    parslet (1.5.0)
      blankslate (~> 2.0)
    pidly (0.1.3)
    toml (0.1.2)
      parslet (~> 1.5.0)

PLATFORMS
  ruby

DEPENDENCIES
  instrumental_agent
  pidly
  toml

BUNDLED WITH
   1.14.3
