GEM
  remote: https://rubygems.org/
  specs:
    instrumental_agent (1.0.1)

PLATFORMS
  ruby

DEPENDENCIES
  instrumental_agent

BUNDLED WITH
   1.14.3
